GEM
  remote: https://rubygems.org/
  specs:
    sass (3.3.0.rc.4)
    susy (2.0.0.rc.1)
      sass (~> 3.3.0.rc.1)

PLATFORMS
  ruby

DEPENDENCIES
  susy (~> 2.0.0.rc.1)
